PATH
  remote: .
  specs:
    marcel (0.3.2)
      mimemagic (~> 0.3.2)

GEM
  remote: https://rubygems.org/
  specs:
    mimemagic (0.3.2)
    minitest (5.10.2)
    rack (2.0.3)
    rake (10.5.0)

PLATFORMS
  ruby

DEPENDENCIES
  bundler (~> 1.7)
  marcel!
  minitest
  rack (~> 2.0.1)
  rake (~> 10.0)

BUNDLED WITH
   1.16.1
